GEM
  remote: https://rubygems.org/
  specs:
    activesupport (4.2.0)
      i18n (~> 0.7)
      json (~> 1.7, >= 1.7.7)
      minitest (~> 5.1)
      thread_safe (~> 0.3, >= 0.3.4)
      tzinfo (~> 1.1)
    addressable (2.3.7)
    chrono (0.0.4)
      activesupport
    dotenv (2.0.0)
    faraday (0.9.1)
      multipart-post (>= 1.2, < 3)
    faraday_middleware (0.9.1)
      faraday (>= 0.7.4, < 0.10)
    i18n (0.7.0)
    json (1.8.2)
    mem (0.1.5)
    minitest (5.5.1)
    multipart-post (2.0.0)
    octokit (3.8.0)
      sawyer (~> 0.6.0, >= 0.5.3)
    ruboty (1.2.1)
      activesupport
      bundler
      dotenv
      mem
      slop
    ruboty-bundler (0.1.2)
      ruboty (>= 1.2.1)
      ruboty-github
    ruboty-cron (1.0.0)
      activesupport
      chrono
      ruboty (>= 0.2.0)
    ruboty-echo (0.1.0)
      ruboty
    ruboty-github (0.1.3)
      activesupport
      octokit
      ruboty
    ruboty-google_image (0.0.7)
      faraday
      faraday_middleware
      ruboty
    ruboty-slack (0.1.7)
      ruboty (>= 1.0.4)
      xrc (>= 0.0.6)
    sawyer (0.6.0)
      addressable (~> 2.3.5)
      faraday (~> 0.8, < 0.10)
    slop (4.0.0)
    thread_safe (0.3.5)
    tzinfo (1.2.2)
      thread_safe (~> 0.1)
    xrc (0.1.4)
      activesupport

PLATFORMS
  ruby

DEPENDENCIES
  ruboty
  ruboty-bundler
  ruboty-cron
  ruboty-echo
  ruboty-google_image
  ruboty-slack
